GEM
  remote: https://rubygems.org/
  specs:
    erubis (2.7.0)
    foodcritic (4.0.0)
      erubis
      gherkin (~> 2.11)
      nokogiri (~> 1.8.1)
      rake
      rufus-lru (~> 1.0)
      treetop (~> 1.4)
      yajl-ruby (~> 1.1)
    gherkin (2.12.2)
      multi_json (~> 1.3)
    mini_portile2 (2.3.0)
    multi_json (1.11.0)
    nokogiri (1.8.5)
      mini_portile2 (~> 2.3.0)
    polyglot (0.3.5)
    rake (13.0.1)
    rufus-lru (1.0.5)
    treetop (1.6.2)
      polyglot (~> 0.3)
    yajl-ruby (1.4.2)

PLATFORMS
  ruby

DEPENDENCIES
  foodcritic (= 4.0.0)
